PATH
  remote: .
  specs:
    sinatra-mongo (0.1.0)
      mongo
      sinatra (>= 0.9.4)
      sinatra-mongo

GEM
  remote: http://rubygems.org/
  specs:
    bson (1.2.4)
    bson_ext (1.2.4)
    git (1.2.5)
    jeweler (1.5.2)
      bundler (~> 1.0.0)
      git (>= 1.2.5)
      rake
    mongo (1.2.4)
      bson (>= 1.2.4)
    rack (1.2.1)
    rack-test (0.5.7)
      rack (>= 1.0)
    rake (0.8.7)
    rspec (1.3.1)
    sinatra (1.2.0)
      rack (~> 1.1)
      tilt (< 2.0, >= 1.2.2)
    tilt (1.2.2)

PLATFORMS
  ruby

DEPENDENCIES
  bson_ext
  jeweler
  rack-test (>= 0.5.3)
  rspec (~> 1.3)
  sinatra-mongo!
